NUGET
  remote: https://www.nuget.org/api/v2
    Argu (3.2)
    Expecto (2.3.1)
      Argu (>= 3.2)
      FSharp.Core (>= 3.1.2.5)
    Expecto.FsCheck (2.3.1)
      Expecto (>= 2.3.1)
      FsCheck (>= 2.6.2)
      FSharp.Core (>= 3.1.2.5)
    FAKE (4.47.2)
    FsCheck (2.6.2)
      FSharp.Core (>= 3.1.2.5)
    FSharp.Core (4.0.0.1)
